GEM
  remote: https://rubygems.org/
  specs:
    colorize (0.8.1)
    json (2.3.0)

PLATFORMS
  ruby

DEPENDENCIES
  colorize
  json

BUNDLED WITH
   2.0.1
